PATH
  remote: .
  specs:
    color2hex (0.1.0)
      thor

GEM
  remote: https://rubygems.org/
  specs:
    minitest (5.15.0)
    rake (12.3.3)
    thor (1.2.1)

PLATFORMS
  arm64-darwin-21

DEPENDENCIES
  color2hex!
  minitest (~> 5.0)
  rake (~> 12.0)

BUNDLED WITH
   2.3.7
